GEM
  remote: https://rubygems.org/
  specs:
    addressable (2.3.5)
    dotenv (0.9.0)
    faraday (0.9.0)
      multipart-post (>= 1.2, < 3)
    foreman (0.63.0)
      dotenv (>= 0.7)
      thor (>= 0.13.6)
    koala (1.8.0)
      addressable
      faraday
      multi_json
    multi_json (1.8.4)
    multipart-post (2.0.0)
    thor (0.18.1)

PLATFORMS
  ruby

DEPENDENCIES
  foreman
  koala (~> 1.8.0rc1)
